NUGET
  remote: https://nuget.org/api/v2
  specs:
    FAKE (4.0.2)
    FSharp.Compiler.Tools (4.0.0.1)
    Npgsql (2.2.5)
    NUnit (2.6.4)
    Unquote (3.0.0)
    WebSharper (3.3.1.177)
GITHUB
  remote: fsprojects/SQLProvider
  specs:
    FULLPROJECT (54436832fae55b44fce215a4272956204221b705)