NUGET
  remote: https://nuget.org/api/v2
  specs:
    FAKE (4.0.2)
    FSharp.Compiler.Tools (4.0.0.1)
    Microsoft.Owin (3.0.1)
      Owin (>= 1.0)
    Microsoft.Owin.Diagnostics (3.0.1)
      Microsoft.Owin (>= 3.0.1)
      Owin (>= 1.0)
    Microsoft.Owin.FileSystems (3.0.1)
    Microsoft.Owin.Host.HttpListener (3.0.1)
    Microsoft.Owin.Hosting (3.0.1)
      Microsoft.Owin (>= 3.0.1)
      Owin (>= 1.0)
    Microsoft.Owin.SelfHost (3.0.1)
      Microsoft.Owin (>= 3.0.1)
      Microsoft.Owin.Diagnostics (>= 3.0.1)
      Microsoft.Owin.Host.HttpListener (>= 3.0.1)
      Microsoft.Owin.Hosting (>= 3.0.1)
      Owin (>= 1.0)
    Microsoft.Owin.StaticFiles (3.0.1)
      Microsoft.Owin (>= 3.0.1)
      Microsoft.Owin.FileSystems (>= 3.0.1)
      Owin (>= 1.0)
    Npgsql (2.2.5)
    NUnit (2.6.4)
    Owin (1.0)
    Unquote (3.0.0)
    WebSharper (3.4.9.188)
    WebSharper.Compiler (3.4.9.188)
      WebSharper (>= 3.4.9.188)
    WebSharper.Owin (3.4.5.101)
      Microsoft.Owin
      Owin
      WebSharper
    WebSharper.UI.Next (3.4.9.157)
      WebSharper
  remote: http://www.phobot.net/NuGet
  specs:
    WebSharper.Warp (3.4.13.0)
      Microsoft.Owin
      Microsoft.Owin.Diagnostics
      Microsoft.Owin.FileSystems
      Microsoft.Owin.Host.HttpListener
      Microsoft.Owin.Hosting
      Microsoft.Owin.SelfHost
      Microsoft.Owin.StaticFiles
      Owin
      WebSharper
      WebSharper.Compiler
      WebSharper.Owin
      WebSharper.UI.Next
GITHUB
  remote: fsprojects/SQLProvider
  specs:
    FULLPROJECT (6abc98d0f21d2842abe631bf9eb5a1d9f60f5ed4)
  remote: intellifactory/websharper.warp
  specs:
    FULLPROJECT (55e1c8eac2c59d15986596c17e508fee46e41dfe)