NUGET
  remote: https://nuget.org/api/v2
  specs:
    FAKE (4.0.3)
    FSharp.Compiler.Tools (4.0.0.1)
    Npgsql (2.2.5)
    NUnit (2.6.4)
    Unquote (3.0.0)
  remote: https://www.myget.org/F/websharper-temp/api/v2
  specs:
    FSharp.Data.SqlProvider (0.0.9.1-alpha)
    Microsoft.Owin (2.0.0)
      Owin (>= 1.0)
    Microsoft.Owin.Diagnostics (2.0.0)
      Microsoft.Owin (>= 2.0.0)
      Owin (>= 1.0)
    Microsoft.Owin.FileSystems (0.20-alpha-20220-81)
    Microsoft.Owin.Host.HttpListener (2.0.0)
    Microsoft.Owin.Hosting (2.0.0)
      Microsoft.Owin (>= 2.0.0)
      Owin (>= 1.0)
    Microsoft.Owin.SelfHost (2.0.0)
      Microsoft.Owin (>= 2.0.0)
      Microsoft.Owin.Diagnostics (>= 2.0.0)
      Microsoft.Owin.Host.HttpListener (>= 2.0.0)
      Microsoft.Owin.Hosting (>= 2.0.0)
      Owin (>= 1.0)
    Microsoft.Owin.StaticFiles (0.20-alpha-20220-81)
      Microsoft.Owin.FileSystems (>= 0.20-alpha-20220-81)
      Owin (>= 1.0)
    Owin (1.0)
    WebSharper (3.4.9.188)
    WebSharper.Compiler (3.4.9.188)
      WebSharper (>= 3.4.9.188)
    WebSharper.Owin (3.4.5.101)
      Microsoft.Owin
      Owin
      WebSharper
    WebSharper.UI.Next (3.4.9.157)
      WebSharper
    WebSharper.Warp (3.4.13.0)
      Microsoft.Owin
      Microsoft.Owin.Diagnostics
      Microsoft.Owin.FileSystems
      Microsoft.Owin.Host.HttpListener
      Microsoft.Owin.Hosting
      Microsoft.Owin.SelfHost
      Microsoft.Owin.StaticFiles
      Owin
      WebSharper
      WebSharper.Compiler
      WebSharper.Owin
      WebSharper.UI.Next
